GEM
  remote: https://rubygems.org/
  specs:
    rake (13.0.6)
    redcarpet (3.6.0)
    ruby-ole (1.2.12.2)
    vpim (13.11.11)
    yard (0.9.34)

PLATFORMS
  x64-mingw32
  x86_64-linux

DEPENDENCIES
  rake
  redcarpet (>= 3.5.1)
  ruby-ole (= 1.2.12.2)
  vpim (= 13.11.11)
  yard (>= 0.9.27)

RUBY VERSION
   ruby 2.6.5p114

BUNDLED WITH
   2.4.15
